GEM
  remote: https://rubygems.org/
  specs:
    httparty (0.12.0)
      json (~> 1.8)
      multi_xml (>= 0.5.2)
    json (1.8.1)
    mini_portile (0.5.2)
    multi_xml (0.5.5)
    nokogiri (1.6.0)
      mini_portile (~> 0.5.0)
    snoo (0.1.2)
      httparty
      nokogiri

PLATFORMS
  ruby

DEPENDENCIES
  snoo (= 0.1.2)
